GEM
  remote: https://rubygems.org/
  specs:
    bubble-wrap (1.4.0)
    rake (12.3.3)

PLATFORMS
  ruby

DEPENDENCIES
  bubble-wrap
  rake
